GEM
  specs:
    addressable (2.5.1)
      public_suffix (~> 2.0, >= 2.0.2)
    declarative (0.0.9)
    declarative-option (0.1.0)
    faraday (0.12.0.1)
      multipart-post (>= 1.2, < 3)
    google-api-client (0.11.1)
      addressable (>= 2.5.1)
      googleauth (~> 0.5)
      httpclient (>= 2.8.1, < 3.0)
      mime-types (>= 3.0)
      representable (~> 3.0)
      retriable (>= 2.0, < 4.0)
    google_drive (2.1.3)
      google-api-client (>= 0.11.0, < 1.0.0)
      googleauth (>= 0.5.0, < 1.0.0)
      nokogiri (>= 1.5.3, < 2.0.0)
    googleauth (0.5.1)
      faraday (~> 0.9)
      jwt (~> 1.4)
      logging (~> 2.0)
      memoist (~> 0.12)
      multi_json (~> 1.11)
      os (~> 0.9)
      signet (~> 0.7)
    httpclient (2.8.3)
    json (1.8.6)
    jwt (1.5.6)
    little-plugger (1.1.4)
    logging (2.2.1)
      little-plugger (~> 1.1)
      multi_json (~> 1.10)
    memoist (0.15.0)
    mime-types (3.1)
      mime-types-data (~> 3.2015)
    mime-types-data (3.2016.0521)
    mini_portile2 (2.1.0)
    multi_json (1.12.1)
    multipart-post (2.0.0)
    nokogiri (1.7.1)
      mini_portile2 (~> 2.1.0)
    os (0.9.6)
    public_suffix (2.0.5)
    representable (3.0.3)
      declarative (< 0.1.0)
      declarative-option (< 0.2.0)
      uber (< 0.2.0)
    retriable (3.0.1)
    signet (0.7.3)
      addressable (~> 2.3)
      faraday (~> 0.9)
      jwt (~> 1.5)
      multi_json (~> 1.10)
    uber (0.1.0)

PLATFORMS
  ruby

DEPENDENCIES
  faraday
  google_drive
  json

BUNDLED WITH
   1.13.7
